GEM
  remote: https://rubygems.org/
  specs:
    bigdecimal (3.1.8)
    concurrent-ruby (1.3.4)
    debug (1.9.2)
      irb (~> 1.10)
      reline (>= 0.3.8)
    dotenv (3.1.2)
    dry-core (1.0.1)
      concurrent-ruby (~> 1.0)
      zeitwerk (~> 2.6)
    dry-inflector (1.1.0)
    dry-logic (1.5.0)
      concurrent-ruby (~> 1.0)
      dry-core (~> 1.0, < 2)
      zeitwerk (~> 2.6)
    dry-struct (1.6.0)
      dry-core (~> 1.0, < 2)
      dry-types (>= 1.7, < 2)
      ice_nine (~> 0.11)
      zeitwerk (~> 2.6)
    dry-types (1.7.2)
      bigdecimal (~> 3.0)
      concurrent-ruby (~> 1.0)
      dry-core (~> 1.0)
      dry-inflector (~> 1.0)
      dry-logic (~> 1.4)
      zeitwerk (~> 2.6)
    faraday (2.11.0)
      faraday-net_http (>= 2.0, < 3.4)
      logger
    faraday-multipart (1.0.4)
      multipart-post (~> 2)
    faraday-net_http (3.3.0)
      net-http
    ice_nine (0.11.2)
    io-console (0.7.2)
    irb (1.14.0)
      rdoc (>= 4.0.0)
      reline (>= 0.4.2)
    logger (1.6.0)
    multipart-post (2.4.1)
    net-http (0.4.1)
      uri
    nokogiri (1.16.7-x64-mingw-ucrt)
      racc (~> 1.4)
    psych (5.1.2)
      stringio
    racc (1.8.1)
    rdoc (6.7.0)
      psych (>= 4.0.0)
    reline (0.5.9)
      io-console (~> 0.5)
    stringio (3.1.1)
    telegram-bot-ruby (2.0.0)
      dry-struct (~> 1.6)
      faraday (~> 2.0)
      faraday-multipart (~> 1.0)
      zeitwerk (~> 2.6)
    uri (0.13.1)
    zeitwerk (2.6.17)

PLATFORMS
  x64-mingw-ucrt

DEPENDENCIES
  debug (~> 1.9)
  dotenv (~> 3.1)
  nokogiri (~> 1.16)
  telegram-bot-ruby (~> 2.0)

BUNDLED WITH
   2.5.11
